PATH
  remote: .
  specs:
    lightesb (0.0.1a)

GEM
  remote: https://rubygems.org/
  specs:
    code_statistics (0.2.13)
    diff-lcs (1.2.5)
    json (1.8.3)
    rake (10.5.0)
    rdoc (4.2.0)
      json (~> 1.4)
    roodi (3.3.1)
      ruby_parser (~> 3.2, >= 3.2.2)
    rspec (2.14.1)
      rspec-core (~> 2.14.0)
      rspec-expectations (~> 2.14.0)
      rspec-mocks (~> 2.14.0)
    rspec-core (2.14.8)
    rspec-expectations (2.14.5)
      diff-lcs (>= 1.1.3, < 2.0)
    rspec-mocks (2.14.6)
    ruby_parser (3.6.3)
      sexp_processor (~> 4.1)
    sexp_processor (4.4.4)
    version (1.0.0)
    yard (0.8.7.6)
    yard-rspec (0.1)
      yard

PLATFORMS
  ruby

DEPENDENCIES
  bundler (~> 1.5)
  code_statistics (~> 0.2, >= 0.2.13)
  lightesb!
  rake
  rdoc (~> 4.0, >= 4.0.1)
  roodi (~> 3.1, >= 3.1.1)
  rspec (~> 2.14, >= 2.14.1)
  version (~> 1.0, >= 1.0.0)
  yard (~> 0.8, >= 0.8.7.2)
  yard-rspec (~> 0.1)

BUNDLED WITH
   1.10.3
